GIT
  remote: git@github.com:nosborn/fog.git
  revision: 55f4a459d2d93d6af041d22925cefcc37a0bce39
  branch: idap
  specs:
    fog (1.15.0)
      builder
      excon (~> 0.25.0)
      formatador (~> 0.2.0)
      mime-types
      multi_json (~> 1.0)
      net-scp (~> 1.1)
      net-ssh (>= 2.1.3)
      nokogiri (~> 1.5)
      ruby-hmac

GEM
  remote: https://rubygems.org/
  specs:
    builder (3.2.2)
    excon (0.25.3)
    formatador (0.2.4)
    json (1.8.0)
    mime-types (1.25)
    mini_portile (0.5.1)
    multi_json (1.8.0)
    net-scp (1.1.2)
      net-ssh (>= 2.6.5)
    net-ssh (2.7.0)
    nokogiri (1.6.0)
      mini_portile (~> 0.5.0)
    ruby-hmac (0.4.0)
    thor (0.18.1)

PLATFORMS
  ruby

DEPENDENCIES
  fog!
  json (~> 1.8.0)
  thor (~> 0.18.1)
